GEM
  remote: https://rubygems.org/
  specs:
    rmagick (2.16.0)
    serialport (1.3.1)

PLATFORMS
  ruby

DEPENDENCIES
  rmagick (~> 2.16)
  serialport (~> 1.3)

BUNDLED WITH
   1.16.1
